PATH
  remote: .
  specs:
    lex-sleepiq (0.1.0)
      sleepiq

GEM
  remote: https://rubygems.org/
  specs:
    ast (2.4.0)
    codecov (0.1.16)
      json
      simplecov
      url
    dalli (2.7.10)
    diff-lcs (1.3)
    docile (1.3.2)
    faraday (0.17.3)
      multipart-post (>= 1.2, < 3)
    faraday_middleware (0.14.0)
      faraday (>= 0.7.4, < 1.0)
    jaro_winkler (1.5.4)
    json (2.3.0)
    multipart-post (2.1.1)
    parallel (1.19.1)
    parser (2.7.0.4)
      ast (~> 2.4.0)
    rainbow (3.0.0)
    rake (13.0.1)
    rexml (3.2.4)
    rspec (3.9.0)
      rspec-core (~> 3.9.0)
      rspec-expectations (~> 3.9.0)
      rspec-mocks (~> 3.9.0)
    rspec-core (3.9.1)
      rspec-support (~> 3.9.1)
    rspec-expectations (3.9.0)
      diff-lcs (>= 1.2.0, < 2.0)
      rspec-support (~> 3.9.0)
    rspec-mocks (3.9.1)
      diff-lcs (>= 1.2.0, < 2.0)
      rspec-support (~> 3.9.0)
    rspec-support (3.9.2)
    rspec_junit_formatter (0.4.1)
      rspec-core (>= 2, < 4, != 2.12.0)
    rubocop (0.80.1)
      jaro_winkler (~> 1.5.1)
      parallel (~> 1.10)
      parser (>= 2.7.0.1)
      rainbow (>= 2.2.2, < 4.0)
      rexml
      ruby-progressbar (~> 1.7)
      unicode-display_width (>= 1.4.0, < 1.7)
    rubocop-md (0.3.1)
      rubocop (~> 0.60)
    rubocop-performance (1.5.2)
      rubocop (>= 0.71.0)
    rubocop-rspec (1.38.1)
      rubocop (>= 0.68.1)
    ruby-progressbar (1.10.1)
    simplecov (0.18.5)
      docile (~> 1.1)
      simplecov-html (~> 0.11)
    simplecov-html (0.12.2)
    sleepiq (0.2.2)
      dalli
      faraday
      faraday_middleware
      thor
    thor (1.0.1)
    unicode-display_width (1.6.1)
    url (0.3.2)

PLATFORMS
  ruby

DEPENDENCIES
  bundler
  codecov
  lex-sleepiq!
  rake
  rspec
  rspec_junit_formatter
  rubocop
  rubocop-md
  rubocop-performance
  rubocop-rspec

BUNDLED WITH
   2.1.4
